PATH
  remote: .
  specs:
    css_sprite (1.5.0)
      mini_magick
      mocha
      rspec

GEM
  remote: https://rubygems.org/
  specs:
    diff-lcs (1.1.3)
    metaclass (0.0.1)
    mini_magick (3.4)
      subexec (~> 0.2.1)
    mocha (0.12.3)
      metaclass (~> 0.0.1)
    rspec (2.11.0)
      rspec-core (~> 2.11.0)
      rspec-expectations (~> 2.11.0)
      rspec-mocks (~> 2.11.0)
    rspec-core (2.11.1)
    rspec-expectations (2.11.2)
      diff-lcs (~> 1.1.3)
    rspec-mocks (2.11.2)
    subexec (0.2.2)

PLATFORMS
  java
  ruby

DEPENDENCIES
  css_sprite!
